GEM
  remote: http://rubygems.org/
  specs:
    builder (3.0.0)
    bundler_geminabox (0.0.1)
      geminabox
    diff-lcs (1.1.3)
    geminabox (0.6.1)
      builder
      httpclient
      sinatra
    httpclient (2.2.5)
    i18n (0.6.0)
    rack (1.4.1)
    rack-protection (1.2.0)
      rack
    rake (0.9.2.2)
    rspec (2.10.0)
      rspec-core (~> 2.10.0)
      rspec-expectations (~> 2.10.0)
      rspec-mocks (~> 2.10.0)
    rspec-core (2.10.1)
    rspec-expectations (2.10.0)
      diff-lcs (~> 1.1.3)
    rspec-mocks (2.10.1)
    sinatra (1.3.2)
      rack (~> 1.3, >= 1.3.6)
      rack-protection (~> 1.2)
      tilt (~> 1.3, >= 1.3.3)
    tilt (1.3.3)

PLATFORMS
  ruby

DEPENDENCIES
  bundler_geminabox
  i18n (~> 0.5)
  rake
  rspec
